PATH
  remote: .
  specs:
    chronosphere (0.0.1)
      chronic
      middleware (~> 0.1.0)
      shellout
      thor (~> 0.18.1)

GEM
  remote: https://rubygems.org/
  specs:
    chronic (0.10.2)
    diff-lcs (1.2.5)
    middleware (0.1.0)
    rake (10.1.0)
    rspec-core (2.13.1)
    rspec-expectations (2.13.0)
      diff-lcs (>= 1.1.3, < 2.0)
    rspec-mocks (2.13.1)
    shellout (0.4)
    thor (0.18.1)
    timecop (0.6.1)

PLATFORMS
  ruby

DEPENDENCIES
  chronosphere!
  rake (~> 10.1.0)
  rspec-core (~> 2.13.0)
  rspec-expectations (~> 2.13.0)
  rspec-mocks (~> 2.13.0)
  timecop
